GIT
  remote: git://github.com/freelancing-god/thinking-sphinx.git
  revision: d7d1bc32e1932d3fa1d1933783cb8734bea4c28a
  specs:
    thinking-sphinx (1.4.3)
      activerecord (>= 1.15.6, < 3.0.0)
      after_commit (>= 1.0.7)
      riddle (>= 1.2.2)

GEM
  remote: http://rubygems.org/
  specs:
    aaronh-chronic (0.3.9)
    actionmailer (2.3.8)
      actionpack (= 2.3.8)
    actionpack (2.3.8)
      activesupport (= 2.3.8)
      rack (~> 1.1.0)
    activerecord (2.3.8)
      activesupport (= 2.3.8)
    activeresource (2.3.8)
      activesupport (= 2.3.8)
    activesupport (2.3.8)
    after_commit (1.0.8)
      activerecord (< 3.0.0)
    calendar_date_select (1.16.2)
    cgi_multipart_eof_fix (2.5.0)
    chronic (0.3.0)
    daemons (1.1.0)
    devise (1.0.8)
      warden (~> 0.10.3)
    eventmachine (0.12.10)
    fastthread (1.0.7)
    gem_plugin (0.2.3)
    linecache (0.43)
    memcache (1.2.13)
    memcache-client (1.8.5)
    mongrel (1.1.5)
      cgi_multipart_eof_fix (>= 2.4)
      daemons (>= 1.0.3)
      fastthread (>= 1.0.1)
      gem_plugin (>= 0.2.3)
    paperclip (2.3.8)
      activerecord
      activesupport
    rack (1.1.0)
    rails (2.3.8)
      actionmailer (= 2.3.8)
      actionpack (= 2.3.8)
      activerecord (= 2.3.8)
      activeresource (= 2.3.8)
      activesupport (= 2.3.8)
      rake (>= 0.8.3)
    rake (0.8.7)
    riddle (1.2.2)
    ruby-debug-base (0.10.4)
      linecache (>= 0.3)
    ruby-debug-ide (0.4.16)
      rake (>= 0.8.1)
    ruby-prof (0.9.2)
    starling (0.10.1)
      eventmachine (>= 0.12.0)
      memcache-client (>= 1.7.0)
    warden (0.10.7)
      rack (>= 1.0.0)
    whenever (0.6.2)
      aaronh-chronic (>= 0.3.9)
      activesupport (>= 2.3.4)
    will_paginate (2.3.15)
    workling (0.4.9.9)

PLATFORMS
  ruby

DEPENDENCIES
  bundler
  calendar_date_select
  chronic
  devise (= 1.0.8)
  memcache
  mongrel (= 1.1.5)
  paperclip
  rails (= 2.3.8)
  rake
  ruby-debug-base
  ruby-debug-ide
  ruby-prof
  starling
  thinking-sphinx!
  whenever
  will_paginate
  workling
